GEM
  remote: https://rubygems.org/
  specs:
    awesome_bot (1.18.0)
      parallel (= 1.12.0)
    chef-utils (16.6.14)
    kramdown (2.3.1)
      rexml
    kramdown-parser-gfm (1.1.0)
      kramdown (~> 2.0)
    mdl (0.11.0)
      kramdown (~> 2.3)
      kramdown-parser-gfm (~> 1.1)
      mixlib-cli (~> 2.1, >= 2.1.1)
      mixlib-config (>= 2.2.1, < 4)
      mixlib-shellout
    mixlib-cli (2.1.8)
    mixlib-config (2.2.13)
      tomlrb
    mixlib-shellout (3.2.6)
      chef-utils
    parallel (1.12.0)
    rexml (3.2.5)
    tomlrb (1.2.7)

PLATFORMS
  ruby

DEPENDENCIES
  awesome_bot
  mdl

BUNDLED WITH
   2.3.6
